GEM
  remote: http://rubygems.org/
  specs:
    aasm (3.0.8)
    diff-lcs (1.1.3)
    eventmachine (0.12.10)
    ncurses-ruby (1.2.1)
    rspec (2.11.0)
      rspec-core (~> 2.11.0)
      rspec-expectations (~> 2.11.0)
      rspec-mocks (~> 2.11.0)
    rspec-core (2.11.0)
    rspec-expectations (2.11.1)
      diff-lcs (~> 1.1.3)
    rspec-mocks (2.11.1)
    thor (0.15.4)

PLATFORMS
  ruby

DEPENDENCIES
  aasm
  eventmachine
  ncurses-ruby
  rspec
  thor
