GEM
  remote: http://rubygems.org/
  specs:
    Ascii85 (1.0.1)
    aasm (3.0.8)
    bacon (1.1.0)
    diff-lcs (1.1.3)
    em-spec (0.2.6)
      bacon
      eventmachine
      rspec (> 2.6.0)
      test-unit
    eventmachine (0.12.10)
    json (1.7.3)
    ncurses-ruby (1.2.1)
    rspec (2.11.0)
      rspec-core (~> 2.11.0)
      rspec-expectations (~> 2.11.0)
      rspec-mocks (~> 2.11.0)
    rspec-core (2.11.0)
    rspec-expectations (2.11.1)
      diff-lcs (~> 1.1.3)
    rspec-mocks (2.11.1)
    test-unit (2.5.1)
    thor (0.15.4)

PLATFORMS
  ruby

DEPENDENCIES
  Ascii85
  aasm
  em-spec
  eventmachine
  json
  ncurses-ruby
  rspec
  thor
